GEM
  remote: https://rubygems.org/
  specs:
    childprocess (0.8.0)
      ffi (~> 1.0, >= 1.0.11)
    ffi (1.9.23-x64-mingw32)
    rubyzip (1.2.1)
    selenium-webdriver (3.8.0)
      childprocess (~> 0.5)
      rubyzip (~> 1.0)

PLATFORMS
  x64-mingw32

DEPENDENCIES
  selenium-webdriver

BUNDLED WITH
   1.15.3
